GEM
  remote: http://rubygems.org/
  specs:
    activemodel (3.2.6)
      activesupport (= 3.2.6)
      builder (~> 3.0.0)
    activesupport (3.2.6)
      i18n (~> 0.6)
      multi_json (~> 1.0)
    addressable (2.2.8)
    builder (3.0.0)
    coderay (1.0.7)
    fast_xs (0.8.0)
    i18n (0.6.0)
    method_source (0.8)
    mime-types (1.19)
    multi_json (1.3.6)
    oauth (0.4.6)
    pry (0.9.10)
      coderay (~> 1.0.5)
      method_source (~> 0.8)
      slop (~> 3.3.1)
    rest-client (1.6.7)
      mime-types (>= 1.16)
    ruby-trello (0.4.2)
      activemodel
      addressable (~> 2.2.6)
      oauth (~> 0.4.5)
      rest-client (~> 1.6.7)
    rubyzip (0.9.9)
    simple_xlsx_writer (0.5.3)
      fast_xs (>= 0.7.3)
      rubyzip (>= 0.9.4)
    slop (3.3.2)

PLATFORMS
  ruby

DEPENDENCIES
  pry
  ruby-trello
  simple_xlsx_writer
